PATH
  remote: .
  specs:
    mediainfo (0.7.1)

GEM
  remote: https://rubygems.org/
  specs:
    allison (2.0.3)
    echoe (4.6.6)
      allison (>= 2.0.3)
      rake (>= 0.9.2)
      rdoc (>= 2.5.11)
      rubyforge (>= 2.0.4)
    json (1.8.2)
    json_pure (1.8.2)
    metaclass (0.0.4)
    mocha (1.1.0)
      metaclass (~> 0.0.1)
    rake (10.4.2)
    rdoc (4.2.0)
      json (~> 1.4)
    rubyforge (2.0.4)
      json_pure (>= 1.1.7)

PLATFORMS
  ruby

DEPENDENCIES
  echoe
  mediainfo!
  mocha
